GIT
  remote: git://github.com/leihs/turnip.git
  revision: c2411d1f14e47bf1862651372c15db8ba4f43275
  branch: ambiguous-steps
  specs:
    turnip (3.1.0)
      gherkin (~> 5.0)
      rspec (>= 3.0, < 4.0)

GEM
  remote: https://rubygems.org/
  specs:
    activesupport (6.0.3.1)
      concurrent-ruby (~> 1.0, >= 1.0.2)
      i18n (>= 0.7, < 2)
      minitest (~> 5.1)
      tzinfo (~> 1.1)
      zeitwerk (~> 2.2, >= 2.2.2)
    addressable (2.5.2)
      public_suffix (>= 2.0.2, < 4.0)
    archive-zip (0.11.0)
      io-like (~> 0.3.0)
    capybara (3.8.2)
      addressable
      mini_mime (>= 0.1.3)
      nokogiri (~> 1.8)
      rack (>= 1.6.0)
      rack-test (>= 0.6.3)
      xpath (~> 3.1)
    childprocess (0.9.0)
      ffi (~> 1.0, >= 1.0.11)
    coderay (1.1.2)
    concurrent-ruby (1.1.6)
    diff-lcs (1.3)
    exiftool (1.2.1)
      json
    exiftool_vendored (10.65.0)
      exiftool (>= 0.7.0)
    factory_bot (4.11.1)
      activesupport (>= 3.0.0)
    faker (1.9.3)
      i18n (>= 0.7)
    ffi (1.9.25)
    geckodriver-helper (0.21.0)
      archive-zip (~> 0.7)
    gherkin (5.1.0)
    haml (5.1.2)
      temple (>= 0.8.0)
      tilt
    i18n (1.8.2)
      concurrent-ruby (~> 1.0)
    io-like (0.3.0)
    json (2.1.0)
    jwt (2.2.1)
    mail (2.7.1)
      mini_mime (>= 0.1.1)
    method_source (0.9.0)
    mini_mime (1.0.1)
    mini_portile2 (2.3.0)
    minitest (5.14.1)
    mustermann (1.1.1)
      ruby2_keywords (~> 0.0.1)
    nokogiri (1.8.4)
      mini_portile2 (~> 2.3.0)
    pg (1.1.3)
    post_office (1.0.0)
    pry (0.11.3)
      coderay (~> 1.1.0)
      method_source (~> 0.9.0)
    public_suffix (3.0.3)
    rack (2.0.8)
    rack-protection (2.0.8.1)
      rack
    rack-test (1.1.0)
      rack (>= 1.0, < 3)
    rb-readline (0.5.5)
    rspec (3.8.0)
      rspec-core (~> 3.8.0)
      rspec-expectations (~> 3.8.0)
      rspec-mocks (~> 3.8.0)
    rspec-core (3.8.0)
      rspec-support (~> 3.8.0)
    rspec-expectations (3.8.1)
      diff-lcs (>= 1.2.0, < 2.0)
      rspec-support (~> 3.8.0)
    rspec-mocks (3.8.0)
      diff-lcs (>= 1.2.0, < 2.0)
      rspec-support (~> 3.8.0)
    rspec-support (3.8.0)
    ruby2_keywords (0.0.2)
    rubyzip (1.3.0)
    selenium-webdriver (3.14.0)
      childprocess (~> 0.5)
      rubyzip (~> 1.2)
    sequel (4.49.0)
    sinatra (2.0.8.1)
      mustermann (~> 1.0)
      rack (~> 2.0)
      rack-protection (= 2.0.8.1)
      tilt (~> 2.0)
    temple (0.8.2)
    thread_safe (0.3.6)
    tilt (2.0.10)
    tzinfo (1.2.7)
      thread_safe (~> 0.1)
    xpath (3.1.0)
      nokogiri (~> 1.8)
    zeitwerk (2.3.0)

PLATFORMS
  ruby

DEPENDENCIES
  activesupport (~> 6.0)
  capybara (~> 3.8)
  exiftool_vendored
  factory_bot
  faker
  geckodriver-helper (= 0.21.0)
  haml
  jwt
  mail (~> 2.7)
  pg (~> 1.1)
  post_office
  pry (~> 0.11)
  rb-readline
  rspec (~> 3.0)
  selenium-webdriver (~> 3.14)
  sequel (~> 4.42, >= 4.42.1)
  sinatra
  turnip!

BUNDLED WITH
   1.17.2
